GEM
  remote: https://rubygems.org/
  specs:
    ansi (1.5.0)
    asciidoctor (1.5.3)
    ast (2.1.0)
    autoprefixer-rails (6.1.0.1)
      execjs
      json
    awestruct (0.5.6)
      asciidoctor (~> 1.5, >= 1.5.2)
      colorize (~> 0.7, >= 0.7.1)
      compass (~> 1, >= 1.0.1)
      git (~> 1.2, >= 1.2.6)
      guard-livereload (~> 2.1, >= 2.1.2)
      haml (~> 4.0, >= 4.0.5)
      listen (~> 2.7, >= 2.7.1)
      mime-types (~> 2.1)
      oga (~> 0.3)
      parallel (~> 1.1, > 1.1.1)
      rack (~> 1.5, >= 1.5.2)
      rest-client (~> 1.7, >= 1.7.2)
      sass (~> 3.2)
      tilt (~> 2.0, >= 2.0.1)
    bootstrap-sass (3.3.5.1)
      autoprefixer-rails (>= 5.0.0.1)
      sass (>= 3.3.0)
    celluloid (0.16.0)
      timers (~> 4.0.0)
    chunky_png (1.3.5)
    coderay (1.1.0)
    colorize (0.7.7)
    compass (1.0.3)
      chunky_png (~> 1.2)
      compass-core (~> 1.0.2)
      compass-import-once (~> 1.0.5)
      rb-fsevent (>= 0.9.3)
      rb-inotify (>= 0.9)
      sass (>= 3.3.13, < 3.5)
    compass-core (1.0.3)
      multi_json (~> 1.0)
      sass (>= 3.3.0, < 3.5)
    compass-import-once (1.0.5)
      sass (>= 3.2, < 3.5)
    domain_name (0.5.25)
      unf (>= 0.0.5, < 1.0.0)
    em-websocket (0.5.1)
      eventmachine (>= 0.12.9)
      http_parser.rb (~> 0.6.0)
    eventmachine (1.0.8)
    execjs (2.6.0)
    ffi (1.9.10)
    formatador (0.2.5)
    git (1.2.9.1)
    guard (2.13.0)
      formatador (>= 0.2.4)
      listen (>= 2.7, <= 4.0)
      lumberjack (~> 1.0)
      nenv (~> 0.1)
      notiffany (~> 0.0)
      pry (>= 0.9.12)
      shellany (~> 0.0)
      thor (>= 0.18.1)
    guard-livereload (2.1.3)
      em-websocket (~> 0.5)
      guard (~> 2.0)
      multi_json (~> 1.8)
    haml (4.0.7)
      tilt
    hitimes (1.2.3)
    htmlcompressor (0.3.0)
    http-cookie (1.0.2)
      domain_name (~> 0.5)
    http_parser.rb (0.6.0)
    json (1.8.3)
    listen (2.10.1)
      celluloid (~> 0.16.0)
      rb-fsevent (>= 0.9.3)
      rb-inotify (>= 0.9)
    lumberjack (1.0.9)
    method_source (0.8.2)
    mime-types (2.6.2)
    multi_json (1.11.2)
    nenv (0.2.0)
    netrc (0.11.0)
    notiffany (0.0.8)
      nenv (~> 0.1)
      shellany (~> 0.0)
    oga (0.3.4)
      ast
      ruby-ll (~> 2.1)
    parallel (1.6.1)
    pry (0.10.3)
      coderay (~> 1.1.0)
      method_source (~> 0.8.1)
      slop (~> 3.4)
    rack (1.6.4)
    rb-fsevent (0.9.6)
    rb-inotify (0.9.5)
      ffi (>= 0.5.0)
    redcarpet (3.1.2)
    rest-client (1.8.0)
      http-cookie (>= 1.0.2, < 2.0)
      mime-types (>= 1.16, < 3.0)
      netrc (~> 0.7)
    ruby-ll (2.1.2)
      ansi
      ast
    sass (3.4.19)
    shellany (0.0.1)
    slim (2.0.3)
      temple (~> 0.6.6)
      tilt (>= 1.3.3, < 2.1)
    slop (3.6.0)
    temple (0.6.10)
    thor (0.19.1)
    tilt (2.0.1)
    timers (4.0.4)
      hitimes
    uglifier (2.5.3)
      execjs (>= 0.3.0)
      json (>= 1.8.0)
    unf (0.1.4)
      unf_ext
    unf_ext (0.0.7.1)

PLATFORMS
  ruby

DEPENDENCIES
  asciidoctor (~> 1.5.0)
  awestruct (~> 0.5.5)
  bootstrap-sass (~> 3.3.5)
  guard-livereload (~> 2.1.2)
  htmlcompressor (~> 0.2)
  redcarpet (~> 3.1.1)
  slim (~> 2.0.0)
  uglifier (~> 2.5.0)
